GEM
  remote: https://rubygems.org/
  specs:
    bootstrap-sass (3.3.1.0)
      sass (~> 3.2)
    chunky_png (1.3.3)
    coffee-script (2.3.0)
      coffee-script-source
      execjs
    coffee-script-source (1.8.0)
    compass (1.0.1)
      chunky_png (~> 1.2)
      compass-core (~> 1.0.1)
      compass-import-once (~> 1.0.5)
      rb-fsevent (>= 0.9.3)
      rb-inotify (>= 0.9)
      sass (>= 3.3.13, < 3.5)
    compass-core (1.0.1)
      multi_json (~> 1.0)
      sass (>= 3.3.0, < 3.5)
    compass-import-once (1.0.5)
      sass (>= 3.2, < 3.5)
    execjs (2.2.2)
    ffi (1.9.6)
    haml (4.0.6)
      tilt
    hike (1.2.3)
    json (1.8.1)
    multi_json (1.10.1)
    rack (1.5.2)
    rack-livereload (0.3.15)
      rack
    rack-protection (1.5.3)
      rack
    rb-fsevent (0.9.4)
    rb-inotify (0.9.5)
      ffi (>= 0.5.0)
    sass (3.4.9)
    shotgun (0.9)
      rack (>= 1.0)
    sinatra (1.4.5)
      rack (~> 1.4)
      rack-protection (~> 1.4)
      tilt (~> 1.3, >= 1.3.4)
    sprockets (2.12.3)
      hike (~> 1.2)
      multi_json (~> 1.0)
      rack (~> 1.0)
      tilt (~> 1.1, != 1.3.0)
    sprockets-helpers (1.1.0)
      sprockets (~> 2.0)
    sprockets-sass (1.3.0)
      sprockets (~> 2.0)
      tilt (~> 1.1)
    tilt (1.4.1)
    uglifier (2.5.3)
      execjs (>= 0.3.0)
      json (>= 1.8.0)

PLATFORMS
  ruby

DEPENDENCIES
  bootstrap-sass
  coffee-script
  compass
  haml
  rack-livereload
  shotgun
  sinatra
  sprockets
  sprockets-helpers
  sprockets-sass
  uglifier
